GEM
  remote: https://rubygems.org/
  specs:
    pg (1.5.6)

PLATFORMS
  x86_64-linux

DEPENDENCIES
  pg

RUBY VERSION
   ruby 3.0.6p216

BUNDLED WITH
   2.2.33
